GEM
  remote: https://rubygems.org/
  specs:
    builder (3.2.2)
    hashie (2.1.2)
    httmultiparty (0.3.16)
      httparty (>= 0.7.3)
      mimemagic
      multipart-post
    httparty (0.11.0)
      multi_json (~> 1.0)
      multi_xml (>= 0.5.2)
    jwt (1.0.0)
    mimemagic (0.2.1)
    multi_json (1.10.1)
    multi_xml (0.5.5)
    multipart-post (2.0.0)
    oj (2.11.1)
    rack (1.5.2)
    rack-protection (1.5.3)
      rack
    rapgenius (1.0.4)
      httparty (~> 0.11.0)
    sinatra (1.4.5)
      rack (~> 1.4)
      rack-protection (~> 1.4)
      tilt (~> 1.3, >= 1.3.4)
    soundcloud (0.3.2)
      hashie (~> 2.0)
      httmultiparty (~> 0.3.0)
    tilt (1.4.1)
    twilio-ruby (3.14.1)
      builder (>= 2.1.2)
      jwt (~> 1.0.0)
      multi_json (>= 1.3.0)
    youtube_search (0.1.10)

PLATFORMS
  ruby

DEPENDENCIES
  oj
  rack
  rapgenius
  sinatra
  soundcloud
  twilio-ruby
  youtube_search
